PATH
  remote: .
  specs:
    console_tree_renderer (0.1.0)
      tty-tree (~> 0.3.0)

GEM
  remote: https://rubygems.org/
  specs:
    byebug (11.1.1)
    diff-lcs (1.3)
    rake (10.5.0)
    rspec (3.9.0)
      rspec-core (~> 3.9.0)
      rspec-expectations (~> 3.9.0)
      rspec-mocks (~> 3.9.0)
    rspec-core (3.9.1)
      rspec-support (~> 3.9.1)
    rspec-expectations (3.9.0)
      diff-lcs (>= 1.2.0, < 2.0)
      rspec-support (~> 3.9.0)
    rspec-mocks (3.9.1)
      diff-lcs (>= 1.2.0, < 2.0)
      rspec-support (~> 3.9.0)
    rspec-support (3.9.2)
    tty-tree (0.3.0)

PLATFORMS
  ruby

DEPENDENCIES
  bundler (~> 1.17)
  byebug
  console_tree_renderer!
  rake (~> 10.0)
  rspec (~> 3.0)

BUNDLED WITH
   1.17.3
